GEM
  remote: http://rubygems.org/
  specs:
    json (1.8.1)
    kenji (1.1.2)
      json
      rack (~> 1.5.2)
    rack (1.5.2)

PLATFORMS
  ruby

DEPENDENCIES
  kenji
  rack
